GEM
  remote: https://rubygems.org/
  specs:
    airbrake-api (4.4.0)
      faraday_middleware
      hashie
      multi_xml
      parallel
    faraday (0.8.7)
      multipart-post (~> 1.1)
    faraday_middleware (0.9.0)
      faraday (>= 0.7.4, < 0.9)
    haml (4.0.3)
      tilt
    hashie (2.0.5)
    multi_xml (0.5.4)
    multipart-post (1.2.0)
    parallel (0.7.1)
    rack (1.5.2)
    rack-protection (1.5.0)
      rack
    sinatra (1.4.3)
      rack (~> 1.4)
      rack-protection (~> 1.4)
      tilt (~> 1.3, >= 1.3.4)
    tilt (1.4.1)

PLATFORMS
  ruby

DEPENDENCIES
  airbrake-api (~> 4.4.0)
  haml (~> 4.0.3)
  sinatra (~> 1.4.3)
