GEM
  remote: https://rubygems.org/
  specs:
    activesupport (4.0.0)
      i18n (~> 0.6, >= 0.6.4)
      minitest (~> 4.2)
      multi_json (~> 1.3)
      thread_safe (~> 0.1)
      tzinfo (~> 0.3.37)
    airbrake-api (4.6.0)
      faraday_middleware
      hashie
      multi_xml
      parallel
    atomic (1.1.12)
    faraday (0.8.8)
      multipart-post (~> 1.2.0)
    faraday_middleware (0.9.0)
      faraday (>= 0.7.4, < 0.9)
    haml (4.0.3)
      tilt
    hashie (2.0.5)
    i18n (0.6.4)
    minitest (4.7.5)
    multi_json (1.7.8)
    multi_xml (0.5.5)
    multipart-post (1.2.0)
    parallel (0.9.0)
    rack (1.5.2)
    rack-protection (1.5.0)
      rack
    sinatra (1.4.3)
      rack (~> 1.4)
      rack-protection (~> 1.4)
      tilt (~> 1.3, >= 1.3.4)
    thread_safe (0.1.2)
      atomic
    tilt (1.4.1)
    tzinfo (0.3.37)

PLATFORMS
  ruby

DEPENDENCIES
  activesupport
  airbrake-api
  haml (~> 4.0.3)
  sinatra (~> 1.4.3)
